GEM
  specs:
    httparty (0.13.1)
      json (~> 1.8)
      multi_xml (>= 0.5.2)
    json (1.8.3)
    mini_portile (0.6.2)
    multi_xml (0.5.5)
    nokogiri (1.6.6.2)
      mini_portile (~> 0.6.0)
    rufus-scheduler (3.1.3)

PLATFORMS
  ruby

DEPENDENCIES
  httparty
  json
  nokogiri
  rufus-scheduler
